PATH
  remote: .
  specs:
    docfive (0.0.1)

GEM
  remote: http://rubygems.org/
  specs:
    mustache_render (0.0.24)

PLATFORMS
  ruby

DEPENDENCIES
  docfive!
  mustache_render
