PATH
  remote: .
  specs:
    docwu (0.0.15)
      coderay
      mustache_render
      nokogiri
      redcarpet
      thin

GEM
  remote: http://rubygems.org/
  specs:
    coderay (1.1.0)
    daemons (1.1.9)
    eventmachine (1.0.3)
    mini_portile (0.5.1)
    mustache_render (0.0.25)
    nokogiri (1.6.0)
      mini_portile (~> 0.5.0)
    rack (1.5.2)
    redcarpet (3.0.0)
    thin (1.5.1)
      daemons (>= 1.0.9)
      eventmachine (>= 0.12.6)
      rack (>= 1.0.0)

PLATFORMS
  ruby

DEPENDENCIES
  docwu!
