PATH
  remote: .
  specs:
    docwu (0.0.1)

GEM
  remote: http://rubygems.org/
  specs:
    mustache_render (0.0.24)

PLATFORMS
  ruby

DEPENDENCIES
  docwu!
  mustache_render
